GIT
  remote: git://github.com/mzp/prpr-checklist.git
  revision: 40f918e271313daa243d4c8676954763248a1088
  specs:
    prpr-checklist (0.1.0)

GIT
  remote: git://github.com/mzp/prpr-mention_comment.git
  revision: 7a51c3d7dc0384981852c00cbeb6bd864576cc3e
  specs:
    prpr-mention_comment (0.1.0)

GIT
  remote: git://github.com/mzp/prpr-slack.git
  revision: ebae221ba0452440528f328836fa0133c9439d08
  specs:
    prpr-slack (0.1.0)
      slack-notifier

GIT
  remote: git://github.com/mzp/prpr.git
  revision: ec4eaf870e253700c9823ced80b3079e7ad584ef
  specs:
    prpr (0.1.0)
      hashie
      octokit
      sinatra

GEM
  remote: https://rubygems.org/
  specs:
    addressable (2.3.8)
    faraday (0.9.1)
      multipart-post (>= 1.2, < 3)
    hashie (3.4.2)
    multipart-post (2.0.0)
    octokit (4.1.0)
      sawyer (~> 0.6.0, >= 0.5.3)
    rack (1.6.4)
    rack-protection (1.5.3)
      rack
    sawyer (0.6.0)
      addressable (~> 2.3.5)
      faraday (~> 0.8, < 0.10)
    sinatra (1.4.6)
      rack (~> 1.4)
      rack-protection (~> 1.4)
      tilt (>= 1.3, < 3)
    slack-notifier (1.3.0)
    tilt (2.0.1)

PLATFORMS
  ruby

DEPENDENCIES
  prpr!
  prpr-checklist!
  prpr-mention_comment!
  prpr-slack!

BUNDLED WITH
   1.10.6
