GIT
  remote: git://github.com/mzp/prpr-checklist.git
  revision: 8f76e34717b19fcc964dc48c6cc9a9adc69cc6b2
  specs:
    prpr-checklist (0.1.0)

GIT
  remote: git://github.com/mzp/prpr-conflict_label.git
  revision: a88d99d0c4d37f4fc729b90cf7a55bb230a15b33
  specs:
    prpr-conflict_label (0.1.0)

GIT
  remote: git://github.com/mzp/prpr-gemfile.git
  revision: ea49fce0579915927a3604e1a4b1d5e1834511ba
  specs:
    prpr-gemfile (0.1.0)
      semverly

GIT
  remote: git://github.com/mzp/prpr-mention_comment.git
  revision: a1d3fe6b6c9c7a8f8d3f1e1ed8cb76a1bdad4cbd
  specs:
    prpr-mention_comment (0.1.0)

GIT
  remote: git://github.com/mzp/prpr-review_label.git
  revision: dfa30d53b309cb5885189a407b78ac68c1069185
  specs:
    prpr-review_label (0.1.0)

GIT
  remote: git://github.com/mzp/prpr-slack.git
  revision: a1c003c8a9f3a713c594ea490dcf8093c663bf6c
  specs:
    prpr-slack (0.1.0)
      slack-notifier

GIT
  remote: git://github.com/mzp/prpr.git
  revision: c5f86ec2a3a6dc5dcdf61647598e236938f0dff8
  specs:
    prpr (0.1.0)
      hashie
      octokit
      sinatra

GEM
  remote: https://rubygems.org/
  specs:
    addressable (2.3.8)
    faraday (0.9.1)
      multipart-post (>= 1.2, < 3)
    hashie (3.4.2)
    multipart-post (2.0.0)
    octokit (4.1.0)
      sawyer (~> 0.6.0, >= 0.5.3)
    rack (1.6.4)
    rack-protection (1.5.3)
      rack
    sawyer (0.6.0)
      addressable (~> 2.3.5)
      faraday (~> 0.8, < 0.10)
    semverly (1.0.0)
    sinatra (1.4.6)
      rack (~> 1.4)
      rack-protection (~> 1.4)
      tilt (>= 1.3, < 3)
    slack-notifier (1.3.0)
    tilt (2.0.1)

PLATFORMS
  ruby

DEPENDENCIES
  prpr!
  prpr-checklist!
  prpr-conflict_label!
  prpr-gemfile!
  prpr-mention_comment!
  prpr-review_label!
  prpr-slack!

BUNDLED WITH
   1.10.6
